GEM
  remote: http://rubygems.org/
  specs:
    activesupport (3.0.3)
    fakeweb (1.3.0)
    hashie (0.4.0)
    httparty (0.10.0)
      multi_json (~> 1.0)
      multi_xml
    i18n (0.5.0)
    jnunemaker-matchy (0.4.0)
    json (1.4.6)
    mg (0.0.8)
      rake
    mocha (0.9.10)
      rake
    multi_json (1.15.0)
    multi_xml (0.6.0)
    rake (0.8.7)
    redgreen (1.2.2)
    shoulda (2.11.3)

PLATFORMS
  ruby

DEPENDENCIES
  activesupport
  fakeweb
  hashie
  httparty
  i18n
  jnunemaker-matchy
  json
  mg
  mocha
  redgreen
  shoulda
