GEM
  remote: http://rubygems.org/
  specs:
    activesupport (3.0.3)
    crack (0.1.8)
    fakeweb (1.3.0)
    hashie (0.4.0)
    httparty (0.6.1)
      crack (= 0.1.8)
    i18n (0.5.0)
    jnunemaker-matchy (0.4.0)
    json (1.4.6)
    mg (0.0.8)
      rake
    mocha (0.9.10)
      rake
    rake (0.8.7)
    redgreen (1.2.2)
    shoulda (2.11.3)

PLATFORMS
  ruby

DEPENDENCIES
  activesupport
  fakeweb
  hashie
  httparty
  i18n
  jnunemaker-matchy
  json
  mg
  mocha
  redgreen
  shoulda
